PATH
  remote: .
  specs:
    dismaltony (0.1.0)
      json
      twilio-ruby

GEM
  remote: https://rubygems.org/
  specs:
    builder (3.2.3)
    diff-lcs (1.3)
    json (2.0.3)
    jwt (1.5.6)
    multi_json (1.12.1)
    puma (3.7.0)
    rack (1.6.5)
    rack-protection (1.5.3)
      rack
    rake (10.5.0)
    rspec (3.5.0)
      rspec-core (~> 3.5.0)
      rspec-expectations (~> 3.5.0)
      rspec-mocks (~> 3.5.0)
    rspec-core (3.5.4)
      rspec-support (~> 3.5.0)
    rspec-expectations (3.5.0)
      diff-lcs (>= 1.2.0, < 2.0)
      rspec-support (~> 3.5.0)
    rspec-mocks (3.5.0)
      diff-lcs (>= 1.2.0, < 2.0)
      rspec-support (~> 3.5.0)
    rspec-support (3.5.0)
    sinatra (1.4.8)
      rack (~> 1.5)
      rack-protection (~> 1.4)
      tilt (>= 1.3, < 3)
    tilt (2.0.6)
    twilio-ruby (4.13.0)
      builder (>= 2.1.2)
      jwt (~> 1.0)
      multi_json (>= 1.3.0)

PLATFORMS
  ruby

DEPENDENCIES
  bundler
  dismaltony!
  puma
  rake (~> 10.0)
  rspec (~> 3.5)
  sinatra

BUNDLED WITH
   1.13.7
